PATH
  remote: .
  specs:
    fluent-plugin-annotation-filter (1.0.6)
      fluentd (~> 1.16.1, >= 1.16.1)

GEM
  remote: https://rubygems.org/
  specs:
    concurrent-ruby (1.2.3)
    cool.io (1.8.0)
    diff-lcs (1.5.0)
    fluentd (1.16.5)
      bundler
      cool.io (>= 1.4.5, < 2.0.0)
      http_parser.rb (>= 0.5.1, < 0.9.0)
      msgpack (>= 1.3.1, < 2.0.0)
      serverengine (>= 2.3.2, < 3.0.0)
      sigdump (~> 0.2.5)
      strptime (>= 0.2.4, < 1.0.0)
      tzinfo (>= 1.0, < 3.0)
      tzinfo-data (~> 1.0)
      webrick (~> 1.4)
      yajl-ruby (~> 1.0)
    http_parser.rb (0.8.0)
    msgpack (1.7.2)
    power_assert (2.0.3)
    rspec (3.12.0)
      rspec-core (~> 3.12.0)
      rspec-expectations (~> 3.12.0)
      rspec-mocks (~> 3.12.0)
    rspec-core (3.12.2)
      rspec-support (~> 3.12.0)
    rspec-expectations (3.12.3)
      diff-lcs (>= 1.2.0, < 2.0)
      rspec-support (~> 3.12.0)
    rspec-mocks (3.12.6)
      diff-lcs (>= 1.2.0, < 2.0)
      rspec-support (~> 3.12.0)
    rspec-support (3.12.1)
    serverengine (2.3.2)
      sigdump (~> 0.2.2)
    sigdump (0.2.5)
    strptime (0.2.5)
    test-unit (3.6.1)
      power_assert
    tzinfo (2.0.6)
      concurrent-ruby (~> 1.0)
    tzinfo-data (1.2024.1)
      tzinfo (>= 1.0.0)
    webrick (1.8.1)
    yajl-ruby (1.4.3)

PLATFORMS
  aarch64-linux
  arm64-darwin-21
  arm64-darwin-22
  x86_64-linux

DEPENDENCIES
  bundler (~> 2.3)
  fluent-plugin-annotation-filter!
  rspec (~> 3.11)
  test-unit (~> 3.5)

BUNDLED WITH
   2.3.24
